PATH
  remote: .
  specs:
    vimmer (0.2.0)
      thor

GEM
  remote: http://rubygems.org/
  specs:
    addressable (2.2.2)
    aruba (0.2.7)
      background_process
      cucumber (~> 0.10.0)
    autotest (4.4.5)
    autotest-fsevent (0.2.3)
      sys-uname
    autotest-growl (0.2.6)
    background_process (1.2)
    bourne (1.0)
      mocha (= 0.9.8)
    builder (3.0.0)
    crack (0.1.8)
    cucumber (0.10.0)
      builder (>= 2.1.2)
      diff-lcs (~> 1.1.2)
      gherkin (~> 2.3.2)
      json (~> 1.4.6)
      term-ansicolor (~> 1.0.5)
    diff-lcs (1.1.2)
    fakefs (0.2.1)
    fuubar (0.0.2)
      rspec (~> 2.0)
      rspec-instafail (~> 0.1.4)
      ruby-progressbar (~> 0.0.9)
    gherkin (2.3.2)
      json (~> 1.4.6)
      term-ansicolor (~> 1.0.5)
    json (1.4.6)
    mocha (0.9.8)
      rake
    rake (0.8.7)
    rspec (2.3.0)
      rspec-core (~> 2.3.0)
      rspec-expectations (~> 2.3.0)
      rspec-mocks (~> 2.3.0)
    rspec-core (2.3.1)
    rspec-expectations (2.3.0)
      diff-lcs (~> 1.1.2)
    rspec-instafail (0.1.4)
    rspec-mocks (2.3.0)
    ruby-progressbar (0.0.9)
    sys-uname (0.8.4)
    term-ansicolor (1.0.5)
    thor (0.14.6)
    webmock (1.6.1)
      addressable (>= 2.2.2)
      crack (>= 0.1.7)

PLATFORMS
  ruby

DEPENDENCIES
  aruba (= 0.2.7)
  autotest
  autotest-fsevent
  autotest-growl
  bourne
  bundler (>= 1.0.0)
  cucumber (= 0.10.0)
  fakefs
  fuubar
  mocha
  rspec (~> 2.3.0)
  vimmer!
  webmock
