PATH
  remote: .
  specs:
    vimmer (0.2.0)
      thor

GEM
  remote: http://rubygems.org/
  specs:
    ZenTest (4.6.2)
    addressable (2.2.6)
    aruba (0.4.7)
      childprocess (>= 0.2.2)
      cucumber (>= 1.1.1)
      ffi (= 1.0.9)
      rspec (>= 2.7.0)
    autotest (4.4.6)
      ZenTest (>= 4.4.1)
    bourne (1.0)
      mocha (= 0.9.8)
    builder (3.0.0)
    childprocess (0.2.3)
      ffi (~> 1.0.6)
    crack (0.3.1)
    cucumber (1.1.3)
      builder (>= 2.1.2)
      diff-lcs (>= 1.1.2)
      gherkin (~> 2.6.7)
      json (>= 1.4.6)
      term-ansicolor (>= 1.0.6)
    diff-lcs (1.1.3)
    fakefs (0.4.0)
    ffi (1.0.9)
    fuubar (0.0.6)
      rspec (~> 2.0)
      rspec-instafail (~> 0.1.8)
      ruby-progressbar (~> 0.0.10)
    gherkin (2.6.8)
      json (>= 1.4.6)
    json (1.6.2)
    mocha (0.9.8)
      rake
    rake (0.9.2.2)
    rspec (2.7.0)
      rspec-core (~> 2.7.0)
      rspec-expectations (~> 2.7.0)
      rspec-mocks (~> 2.7.0)
    rspec-core (2.7.1)
    rspec-expectations (2.7.0)
      diff-lcs (~> 1.1.2)
    rspec-instafail (0.1.9)
    rspec-mocks (2.7.0)
    ruby-progressbar (0.0.10)
    term-ansicolor (1.0.7)
    thor (0.14.6)
    webmock (1.7.8)
      addressable (~> 2.2, > 2.2.5)
      crack (>= 0.1.7)

PLATFORMS
  ruby

DEPENDENCIES
  aruba (~> 0.4.7)
  autotest
  bourne
  bundler (>= 1.0.0)
  cucumber (~> 1.1.3)
  fakefs
  fuubar
  mocha
  rspec (~> 2.7.0)
  vimmer!
  webmock
